GEM
  remote: https://rubygems.org/
  specs:
    diff-lcs (1.2.5)
    dotenv (2.1.1)
    pg (0.19.0)
    puma (3.6.0)
    rack (1.6.4)
    rack-protection (1.5.3)
      rack
    rack-test (0.6.3)
      rack (>= 1.0)
    rake (11.3.0)
    rspec (3.5.0)
      rspec-core (~> 3.5.0)
      rspec-expectations (~> 3.5.0)
      rspec-mocks (~> 3.5.0)
    rspec-core (3.5.4)
      rspec-support (~> 3.5.0)
    rspec-expectations (3.5.0)
      diff-lcs (>= 1.2.0, < 2.0)
      rspec-support (~> 3.5.0)
    rspec-instafail (1.0.0)
      rspec
    rspec-mocks (3.5.0)
      diff-lcs (>= 1.2.0, < 2.0)
      rspec-support (~> 3.5.0)
    rspec-support (3.5.0)
    sequel (4.40.0)
    sinatra (1.3.0)
      rack (~> 1.3)
      rack-protection (~> 1.1)
      tilt (~> 1.3)
    tilt (1.4.1)
    timecop (0.8.1)

PLATFORMS
  ruby

DEPENDENCIES
  dotenv
  pg
  puma
  rack
  rack-test
  rake
  rspec
  rspec-instafail
  sequel
  sinatra (= 1.3)
  timecop

BUNDLED WITH
   1.13.6
